GEM
  remote: http://rubygems.org/
  specs:
    git (1.2.5)
    hashie (1.2.0)
    jeweler (1.8.3)
      bundler (~> 1.0)
      git (>= 1.2.5)
      rake
      rdoc
    json (1.6.5)
    mime-types (1.17.2)
    rake (0.9.2.2)
    rdoc (3.12)
      json (~> 1.4)
    typhoeus (0.3.3)
      mime-types

PLATFORMS
  ruby

DEPENDENCIES
  hashie
  jeweler (~> 1.8.3)
  typhoeus (>= 0.2.0)
